GEM
  remote: https://rubygems.org/
  specs:
    gravtastic (3.2.6)
    json (1.8.3)
    pg (0.18.4)
    rack (1.6.4)
    rack-protection (1.5.3)
      rack
    sendgrid (1.2.4)
      json
    sinatra (1.4.7)
      rack (~> 1.5)
      rack-protection (~> 1.4)
      tilt (>= 1.3, < 3)
    tilt (2.0.2)

PLATFORMS
  ruby

DEPENDENCIES
  gravtastic
  pg
  sendgrid
  sinatra

BUNDLED WITH
   1.11.2
